GEM
  remote: https://rubygems.org/
  specs:
    dropbox_api (0.1.16)
      faraday (>= 0.8, <= 0.15.4)
      oauth2 (~> 1.1)
    faraday (0.15.4)
      multipart-post (>= 1.2, < 3)
    jwt (2.1.0)
    multi_json (1.13.1)
    multi_xml (0.6.0)
    multipart-post (2.0.0)
    oauth2 (1.4.1)
      faraday (>= 0.8, < 0.16.0)
      jwt (>= 1.0, < 3.0)
      multi_json (~> 1.3)
      multi_xml (~> 0.5)
      rack (>= 1.2, < 3)
    rack (2.0.7)

PLATFORMS
  ruby

DEPENDENCIES
  dropbox_api

BUNDLED WITH
   1.17.2
